GIT
  remote: https://github.com/uqpqpu/ruby-dacpclient.git
  revision: 7073b32f9c9ed478f60244abc062bc090094db12
  specs:
    dacpclient (0.3.4)
      dmapparser (~> 0.2.0)
      dnssd (~> 2.0)
      faraday (~> 0.9.0)
      fuzzy_match (~> 2.1.0)
      plist (~> 3.1.0)
      thor (~> 0.19.1)

GEM
  remote: https://rubygems.org/
  specs:
    alfred-workflow (1.8.0)
      plist (>= 3.1.0)
    dmapparser (0.2.0)
    dnssd (2.0)
    faraday (0.9.2)
      multipart-post (>= 1.2, < 3)
    fuzzy_match (2.1.0)
    multipart-post (2.0.0)
    plist (3.1.0)
    thor (0.19.1)

PLATFORMS
  ruby

DEPENDENCIES
  alfred-workflow
  dacpclient!
  dnssd
  plist

BUNDLED WITH
   1.12.5
